GIT
  remote: git://github.com/AlphaHydrae/backup.git
  revision: 4c5928c4a8446f4d9e51dfd59e67312fa74d2911
  branch: hooks
  specs:
    backup (3.5.0)
      builder (= 3.2.0)
      dropbox-sdk (= 1.5.1)
      excon (= 0.20.1)
      faraday (= 0.8.7)
      fog (= 1.10.1)
      formatador (= 0.2.4)
      hipchat (= 0.8.0)
      httparty (= 0.11.0)
      i18n (= 0.6.4)
      json (= 1.7.7)
      mail (= 2.5.3)
      mime-types (= 1.23)
      multi_json (= 1.7.2)
      multi_xml (= 0.5.3)
      multipart-post (= 1.2.0)
      net-scp (= 1.1.0)
      net-sftp (= 2.1.1)
      net-ssh (= 2.6.7)
      nokogiri (= 1.5.9)
      open4 (= 1.3.0)
      parallel (= 0.6.4)
      polyglot (= 0.3.3)
      prowler (= 1.3.1)
      ruby-hmac (= 0.4.0)
      simple_oauth (= 0.2.0)
      thor (= 0.18.1)
      treetop (= 1.4.12)
      twitter (= 4.6.2)

GEM
  remote: http://rubygems.org/
  specs:
    activesupport (3.2.12)
      i18n (~> 0.6)
      multi_json (~> 1.0)
    builder (3.2.0)
    chronic (0.9.1)
    commander (4.1.3)
      highline (~> 1.6.11)
    diff-lcs (1.2.4)
    dotenv (0.6.0)
    dropbox-sdk (1.5.1)
      json
    excon (0.20.1)
    faraday (0.8.7)
      multipart-post (~> 1.1)
    fog (1.10.1)
      builder
      excon (~> 0.20)
      formatador (~> 0.2.0)
      mime-types
      multi_json (~> 1.0)
      net-scp (~> 1.1)
      net-ssh (>= 2.1.3)
      nokogiri (~> 1.5.0)
      ruby-hmac
    formatador (0.2.4)
    gem-release (0.5.5)
    gemcutter (0.7.1)
    git (1.2.5)
    gitenv (0.1.0)
      commander (~> 4.1.2)
      paint (~> 0.8.5)
    highline (1.6.19)
    hipchat (0.8.0)
      httparty
      httparty
    httparty (0.11.0)
      multi_json (~> 1.0)
      multi_xml (>= 0.5.2)
    i18n (0.6.4)
    jeweler (1.8.4)
      bundler (~> 1.0)
      git (>= 1.2.5)
      rake
      rdoc
    json (1.7.7)
    lunchy (0.6.0)
    mail (2.5.3)
      i18n (>= 0.4.0)
      mime-types (~> 1.16)
      treetop (~> 1.4.8)
    mime-types (1.23)
    multi_json (1.7.2)
    multi_xml (0.5.3)
    multipart-post (1.2.0)
    net-scp (1.1.0)
      net-ssh (>= 2.6.5)
    net-sftp (2.1.1)
      net-ssh (>= 2.6.5)
    net-ssh (2.6.7)
    nokogiri (1.5.9)
    open4 (1.3.0)
    paint (0.8.6)
    parallel (0.6.4)
    polyglot (0.3.3)
    prowler (1.3.1)
    rake (10.0.4)
    rake-version (0.3.1)
      rake (~> 10)
    rdoc (4.0.1)
      json (~> 1.4)
    rspec (2.13.0)
      rspec-core (~> 2.13.0)
      rspec-expectations (~> 2.13.0)
      rspec-mocks (~> 2.13.0)
    rspec-core (2.13.1)
    rspec-expectations (2.13.0)
      diff-lcs (>= 1.1.3, < 2.0)
    rspec-mocks (2.13.1)
    ruby-hmac (0.4.0)
    scide (0.1.1)
      commander (~> 4.1.3)
      paint (~> 0.8.6)
      which_works (~> 1.0.0)
    simple_oauth (0.2.0)
    simplecov (0.7.1)
      multi_json (~> 1.0)
      simplecov-html (~> 0.7.1)
    simplecov-html (0.7.1)
    thor (0.18.1)
    treetop (1.4.12)
      polyglot
      polyglot (>= 0.3.1)
    twitter (4.6.2)
      faraday (~> 0.8, < 0.10)
      multi_json (~> 1.0)
      simple_oauth (~> 0.2)
    vim-epidemic (0.0.4)
      commander (~> 4.1.2)
      paint (~> 0.8.5)
      which_works
    whenever (0.8.2)
      activesupport (>= 2.3.4)
      chronic (>= 0.6.3)
    which_works (1.0.0)

PLATFORMS
  ruby

DEPENDENCIES
  backup!
  bundler
  dotenv (~> 0.6.0)
  gem-release
  gemcutter
  gitenv (~> 0.1.0)
  jeweler
  lunchy (~> 0.6.0)
  rake
  rake-version
  rspec
  scide (~> 0.1.1)
  simplecov
  vim-epidemic (~> 0.0.4)
  whenever (~> 0.8.2)
